GEM
  remote: https://rubygems.org/
  specs:
    icalendar (2.4.1)

PLATFORMS
  ruby

DEPENDENCIES
  icalendar

BUNDLED WITH
   1.15.1
