GEM
  remote: https://rubygems.org/
  specs:
    Ascii85 (1.0.2)
    afm (0.2.2)
    colorize (0.8.1)
    hashery (2.1.2)
    origami (2.0.1)
      colorize (~> 0.7)
    pdf-reader (2.0.0)
      Ascii85 (~> 1.0.0)
      afm (~> 0.2.1)
      hashery (~> 2.0)
      ruby-rc4
      ttfunk
    ruby-rc4 (0.1.5)
    ttfunk (1.5.0)

PLATFORMS
  ruby

DEPENDENCIES
  origami
  pdf-reader

BUNDLED WITH
   1.14.6
