GEM
  remote: https://rubygems.org/
  specs:
    ffi (1.9.10)
    natto (1.1.0)
      ffi (>= 1.9.0)

PLATFORMS
  ruby

DEPENDENCIES
  natto

BUNDLED WITH
   1.12.5
