GEM
  remote: https://rubygems.org/
  specs:
    anemone (0.7.2)
      nokogiri (>= 1.3.0)
      robotex (>= 1.0.0)
    mini_portile2 (2.0.0)
    nokogiri (1.6.7.2-x64-mingw32)
      mini_portile2 (~> 2.0.0.rc2)
    robotex (1.0.0)

PLATFORMS
  x64-mingw32

DEPENDENCIES
  anemone

BUNDLED WITH
   1.11.2
